GIT
  remote: git://github.com/ngty/sourcify.git
  revision: ab42747cb3b7e0f3a39bdf5cf3fc1008a27519f3
  specs:
    sourcify (0.6.0.rc4)
      file-tail (~> 1.0.10)
      ruby2ruby (~> 1.3.1)
      ruby_parser (~> 2.3.1)
      sexp_processor (~> 3.2.0)

GEM
  remote: https://rubygems.org/
  specs:
    addressable (2.3.4)
    blankslate (2.1.2.4)
    chunky_png (1.2.8)
    coderay (1.0.9)
    coffee-script (2.2.0)
      coffee-script-source
      execjs
    coffee-script-source (1.6.2)
    compass (0.12.2)
      chunky_png (~> 1.2)
      fssm (>= 0.2.7)
      sass (~> 3.1)
    em-websocket (0.3.8)
      addressable (>= 2.1.1)
      eventmachine (>= 0.12.9)
    eventmachine (1.0.3)
    execjs (1.4.0)
      multi_json (~> 1.0)
    file-tail (1.0.12)
      tins (~> 0.5)
    fssm (0.2.10)
    haml (3.1.8)
    iterable (0.0.9.pre)
    json (1.7.7)
    method_source (0.8.1)
    multi_json (1.7.3)
    net-http-server (0.2.2)
      parslet (~> 1.0)
    parslet (1.5.0)
      blankslate (~> 2.0)
    pry (0.9.12.2)
      coderay (~> 1.0.5)
      method_source (~> 0.8)
      slop (~> 3.4)
    ruby2ruby (1.3.1)
      ruby_parser (~> 2.0)
      sexp_processor (~> 3.0)
    ruby_parser (2.3.1)
      sexp_processor (~> 3.0)
    sass (3.2.9)
    sexp_processor (3.2.0)
    slop (3.4.5)
    tins (0.8.0)

PLATFORMS
  ruby

DEPENDENCIES
  coffee-script (~> 2.2.0)
  compass (~> 0.12.2)
  em-websocket (= 0.3.8)
  haml (~> 3.1.6)
  iterable (~> 0.0.6.pre)
  json (~> 1.7.5)
  net-http-server (~> 0.2.2)
  pry (~> 0.9.10)
  sourcify (= 0.6.0.rc4)!
